STORAGE: NONE
RESTRICTION: == net7.0
NUGET
  remote: https://api.nuget.org/v3/index.json
    AspNetCore.HealthChecks.NpgSql (7.0.0-rc2.7)
      Microsoft.Extensions.Diagnostics.HealthChecks (>= 7.0.1)
      Npgsql (>= 7.0.2)
    Expecto (9.0.4)
      FSharp.Core (>= 4.6)
      Mono.Cecil (>= 0.11.3)
    Expecto.FsCheck (9.0.4)
      Expecto (>= 9.0.4)
      FsCheck (>= 2.14.3)
    Faithlife.Utility (0.12.2)
    FsCheck (2.16.4)
      FSharp.Core (>= 4.2.3)
    FSharp.Compiler.Service (43.7.300)
      FSharp.Core (7.0.300)
      System.Buffers (>= 4.5.1)
      System.Collections.Immutable (>= 6.0)
      System.Diagnostics.DiagnosticSource (>= 6.0)
      System.Memory (>= 4.5.5)
      System.Reflection.Emit (>= 4.7)
      System.Reflection.Metadata (>= 6.0.1)
      System.Runtime.CompilerServices.Unsafe (>= 6.0)
    FSharp.Control.AsyncSeq (3.2)
      FSharp.Core (>= 4.7.2)
      Microsoft.Bcl.AsyncInterfaces (>= 5.0)
    FSharp.Core (7.0.300)
    FSharp.SystemTextJson (1.1.23)
      FSharp.Core (>= 4.7)
      System.Text.Json (>= 6.0)
    FSharpPlus (1.4.1)
      FSharp.Core (>= 6.0.6)
    FSharpx.Async (1.14.1)
      FSharp.Control.AsyncSeq (>= 2.0.21)
      FSharp.Core (>= 4.6.2)
    FSharpx.Collections (3.0.1)
      FSharp.Core (>= 4.3.4)
    FSharpx.Extras (3.1)
      FSharp.Core (>= 4.6.2)
      FSharpx.Async (>= 1.14.1)
      FSharpx.Collections (>= 2.1.2)
      System.Reflection.Emit.Lightweight (>= 4.7)
    FsRegEx (0.7.2)
    Google.Api.CommonProtos (2.10)
      Google.Protobuf (>= 3.23 < 4.0)
    Google.Api.Gax (4.4)
      Microsoft.Bcl.AsyncInterfaces (>= 6.0)
      Newtonsoft.Json (>= 13.0.3)
    Google.Api.Gax.Grpc (4.4)
      Google.Api.CommonProtos (>= 2.10)
      Google.Api.Gax (>= 4.4)
      Google.Apis.Auth (>= 1.60 < 2.0)
      Grpc.Auth (>= 2.53 < 3.0)
      Grpc.Core.Api (>= 2.53 < 3.0)
      Grpc.Net.Client (>= 2.53 < 3.0)
      Microsoft.Extensions.DependencyInjection.Abstractions (>= 6.0)
    Google.Api.Gax.Rest (4.4)
      Google.Api.Gax (>= 4.4)
      Google.Apis.Auth (>= 1.60 < 2.0)
      Microsoft.Extensions.DependencyInjection.Abstractions (>= 6.0)
    Google.Apis (1.60)
      Google.Apis.Core (>= 1.60)
    Google.Apis.Auth (1.60)
      Google.Apis (>= 1.60)
      Google.Apis.Core (>= 1.60)
    Google.Apis.Core (1.60)
      Newtonsoft.Json (>= 13.0.2)
    Google.Apis.Storage.v1 (1.60.0.2981)
      Google.Apis (>= 1.60)
      Google.Apis.Auth (>= 1.60)
    Google.Cloud.Iam.V1 (3.0)
      Google.Api.Gax.Grpc (>= 4.0 < 5.0)
    Google.Cloud.PubSub.V1 (3.5.1)
      Google.Api.Gax.Grpc (>= 4.3.1 < 5.0)
      Google.Cloud.Iam.V1 (>= 3.0 < 4.0)
    Google.Cloud.Storage.V1 (4.5)
      Google.Api.Gax.Rest (>= 4.3.1 < 5.0)
      Google.Apis.Storage.v1 (>= 1.60.0.2742 < 2.0)
    Google.Protobuf (3.23.2)
    Grpc.Auth (2.53)
      Google.Apis.Auth (>= 1.46)
      Grpc.Core.Api (>= 2.53)
    Grpc.Core.Api (2.53)
      System.Memory (>= 4.5.3)
    Grpc.Net.Client (2.53)
      Grpc.Net.Common (>= 2.53)
      Microsoft.Extensions.Logging.Abstractions (>= 3.0.3)
    Grpc.Net.Common (2.53)
      Grpc.Core.Api (>= 2.53)
    Honeycomb.OpenTelemetry (1.3.1)
      Microsoft.Extensions.Configuration.CommandLine (>= 6.0)
      Microsoft.Extensions.Configuration.Json (>= 6.0)
      OpenTelemetry (>= 1.4)
      OpenTelemetry.Exporter.Console (>= 1.4)
      OpenTelemetry.Exporter.OpenTelemetryProtocol (>= 1.4)
      System.Text.Json (>= 6.0.6)
    LaunchDarkly.Cache (1.0.2)
    LaunchDarkly.CommonSdk (6.0.1)
      System.Collections.Immutable (>= 1.7.1)
    LaunchDarkly.EventSource (5.0.1)
      LaunchDarkly.Logging (>= 1.0.1 < 3.0)
    LaunchDarkly.InternalSdk (3.1.2)
      LaunchDarkly.CommonSdk (>= 6.0.1)
      LaunchDarkly.Logging (>= 2.0 < 3.0)
      System.Collections.Immutable (>= 1.7.1)
    LaunchDarkly.Logging (2.0)
      Microsoft.Extensions.Logging.Abstractions (>= 6.0)
    LaunchDarkly.ServerSdk (7.0.3)
      LaunchDarkly.Cache (>= 1.0.2)
      LaunchDarkly.CommonSdk (>= 6.0.1)
      LaunchDarkly.EventSource (>= 5.0.1)
      LaunchDarkly.InternalSdk (>= 3.1.2)
      LaunchDarkly.Logging (>= 2.0)
      System.Collections.Immutable (>= 1.7.1)
    Legivel (0.4.6)
      FSharp.Core (>= 4.6)
    libsodium (1.0.18.4)
    MessagePack (2.5.108)
      MessagePack.Annotations (>= 2.5.108)
      Microsoft.NET.StringTools (>= 17.4)
      System.Runtime.CompilerServices.Unsafe (>= 6.0)
    MessagePack.Annotations (2.5.108)
    MessagePack.FSharpExtensions (4.0)
      FSharp.Core (>= 7.0.200)
      MessagePack (>= 2.4.59)
    MessagePack.NodaTime (3.1.2)
      MessagePack (>= 2.5.108)
      Microsoft.CodeAnalysis.NetAnalyzers (>= 7.0.1)
      NodaTime (>= 3.1.9)
    Microsoft.AspNetCore.Authorization (7.0.5)
      Microsoft.AspNetCore.Metadata (>= 7.0.5)
      Microsoft.Extensions.Logging.Abstractions (>= 7.0)
      Microsoft.Extensions.Options (>= 7.0.1)
    Microsoft.AspNetCore.Components (7.0.5)
      Microsoft.AspNetCore.Authorization (>= 7.0.5)
      Microsoft.AspNetCore.Components.Analyzers (>= 7.0.5)
    Microsoft.AspNetCore.Components.Analyzers (7.0.5)
    Microsoft.AspNetCore.Components.Forms (7.0.5)
      Microsoft.AspNetCore.Components (>= 7.0.5)
    Microsoft.AspNetCore.Components.Web (7.0.5)
      Microsoft.AspNetCore.Components (>= 7.0.5)
      Microsoft.AspNetCore.Components.Forms (>= 7.0.5)
      Microsoft.Extensions.DependencyInjection (>= 7.0)
      Microsoft.JSInterop (>= 7.0.5)
      System.IO.Pipelines (>= 7.0)
    Microsoft.AspNetCore.Components.WebAssembly (7.0.2)
      Microsoft.AspNetCore.Components.Web (>= 7.0.2)
      Microsoft.Extensions.Configuration.Binder (>= 7.0.2)
      Microsoft.Extensions.Configuration.Json (>= 7.0)
      Microsoft.Extensions.Logging (>= 7.0)
      Microsoft.JSInterop.WebAssembly (>= 7.0.2)
    Microsoft.AspNetCore.Metadata (7.0.5)
    Microsoft.Bcl.AsyncInterfaces (7.0)
    Microsoft.CodeAnalysis.NetAnalyzers (7.0.1)
    Microsoft.Extensions.Configuration (7.0)
      Microsoft.Extensions.Configuration.Abstractions (>= 7.0)
      Microsoft.Extensions.Primitives (>= 7.0)
    Microsoft.Extensions.Configuration.Abstractions (7.0)
      Microsoft.Extensions.Primitives (>= 7.0)
    Microsoft.Extensions.Configuration.Binder (7.0.4)
      Microsoft.Extensions.Configuration.Abstractions (>= 7.0)
    Microsoft.Extensions.Configuration.CommandLine (6.0)
      Microsoft.Extensions.Configuration (>= 6.0)
      Microsoft.Extensions.Configuration.Abstractions (>= 6.0)
    Microsoft.Extensions.Configuration.FileExtensions (7.0)
      Microsoft.Extensions.Configuration (>= 7.0)
      Microsoft.Extensions.Configuration.Abstractions (>= 7.0)
      Microsoft.Extensions.FileProviders.Abstractions (>= 7.0)
      Microsoft.Extensions.FileProviders.Physical (>= 7.0)
      Microsoft.Extensions.Primitives (>= 7.0)
    Microsoft.Extensions.Configuration.Json (7.0)
      Microsoft.Extensions.Configuration (>= 7.0)
      Microsoft.Extensions.Configuration.Abstractions (>= 7.0)
      Microsoft.Extensions.Configuration.FileExtensions (>= 7.0)
      Microsoft.Extensions.FileProviders.Abstractions (>= 7.0)
      System.Text.Json (>= 7.0)
    Microsoft.Extensions.DependencyInjection (7.0)
      Microsoft.Extensions.DependencyInjection.Abstractions (>= 7.0)
    Microsoft.Extensions.DependencyInjection.Abstractions (7.0)
    Microsoft.Extensions.Diagnostics.HealthChecks (7.0.5)
      Microsoft.Extensions.Diagnostics.HealthChecks.Abstractions (>= 7.0.5)
      Microsoft.Extensions.Hosting.Abstractions (>= 7.0)
      Microsoft.Extensions.Logging.Abstractions (>= 7.0)
      Microsoft.Extensions.Options (>= 7.0.1)
    Microsoft.Extensions.Diagnostics.HealthChecks.Abstractions (7.0.5)
    Microsoft.Extensions.FileProviders.Abstractions (7.0)
      Microsoft.Extensions.Primitives (>= 7.0)
    Microsoft.Extensions.FileProviders.Physical (7.0)
      Microsoft.Extensions.FileProviders.Abstractions (>= 7.0)
      Microsoft.Extensions.FileSystemGlobbing (>= 7.0)
      Microsoft.Extensions.Primitives (>= 7.0)
    Microsoft.Extensions.FileSystemGlobbing (7.0)
    Microsoft.Extensions.Hosting.Abstractions (7.0)
      Microsoft.Extensions.Configuration.Abstractions (>= 7.0)
      Microsoft.Extensions.DependencyInjection.Abstractions (>= 7.0)
      Microsoft.Extensions.FileProviders.Abstractions (>= 7.0)
    Microsoft.Extensions.Logging (7.0)
      Microsoft.Extensions.DependencyInjection (>= 7.0)
      Microsoft.Extensions.DependencyInjection.Abstractions (>= 7.0)
      Microsoft.Extensions.Logging.Abstractions (>= 7.0)
      Microsoft.Extensions.Options (>= 7.0)
    Microsoft.Extensions.Logging.Abstractions (7.0)
    Microsoft.Extensions.Logging.Configuration (5.0)
      Microsoft.Extensions.Configuration (>= 5.0)
      Microsoft.Extensions.Configuration.Abstractions (>= 5.0)
      Microsoft.Extensions.Configuration.Binder (>= 5.0)
      Microsoft.Extensions.DependencyInjection.Abstractions (>= 5.0)
      Microsoft.Extensions.Logging (>= 5.0)
      Microsoft.Extensions.Logging.Abstractions (>= 5.0)
      Microsoft.Extensions.Options (>= 5.0)
      Microsoft.Extensions.Options.ConfigurationExtensions (>= 5.0)
    Microsoft.Extensions.Options (7.0.1)
      Microsoft.Extensions.DependencyInjection.Abstractions (>= 7.0)
      Microsoft.Extensions.Primitives (>= 7.0)
    Microsoft.Extensions.Options.ConfigurationExtensions (5.0)
      Microsoft.Extensions.Configuration.Abstractions (>= 5.0)
      Microsoft.Extensions.Configuration.Binder (>= 5.0)
      Microsoft.Extensions.DependencyInjection.Abstractions (>= 5.0)
      Microsoft.Extensions.Options (>= 5.0)
      Microsoft.Extensions.Primitives (>= 5.0)
    Microsoft.Extensions.Primitives (7.0)
    Microsoft.JSInterop (7.0.5)
    Microsoft.JSInterop.WebAssembly (7.0.5)
      Microsoft.JSInterop (>= 7.0.5)
    Microsoft.NET.StringTools (17.4)
      System.Memory (>= 4.5.5)
      System.Runtime.CompilerServices.Unsafe (>= 6.0)
    Mono.Cecil (0.11.4)
    NaCl.Net (0.1.13)
    Newtonsoft.Json (13.0.3)
    NodaTime (3.1.9)
      System.Runtime.CompilerServices.Unsafe (>= 4.7.1)
    NodaTime.Serialization.SystemTextJson (1.0)
      NodaTime (>= 3.0 < 4.0)
      System.Text.Json (>= 4.7.1)
    Npgsql (7.0.4)
      Microsoft.Extensions.Logging.Abstractions (>= 6.0)
    Npgsql.FSharp (5.7)
      FSharp.Core (>= 6.0)
      Npgsql (>= 7.0.1)
    Npgsql.NodaTime (7.0.4)
      NodaTime (>= 3.1.5)
      Npgsql (>= 7.0.4)
    Npgsql.OpenTelemetry (7.0.4)
      Npgsql (>= 7.0.4)
      OpenTelemetry.Api (>= 1.3.1)
    NReco.Logging.File (1.1.6)
      Microsoft.Extensions.Logging (>= 2.0)
      Microsoft.Extensions.Logging.Configuration (>= 2.0)
      Microsoft.Extensions.Options.ConfigurationExtensions (>= 2.0)
    OpenTelemetry (1.5.0-rc.1)
      Microsoft.Extensions.Logging.Configuration (>= 3.1)
      OpenTelemetry.Api.ProviderBuilderExtensions (>= 1.5.0-rc.1)
    OpenTelemetry.Api (1.5)
      System.Diagnostics.DiagnosticSource (>= 7.0)
    OpenTelemetry.Api.ProviderBuilderExtensions (1.5)
      Microsoft.Extensions.DependencyInjection.Abstractions (>= 3.1)
      OpenTelemetry.Api (>= 1.5)
    OpenTelemetry.Exporter.Console (1.5.0-rc.1)
      OpenTelemetry (>= 1.5.0-rc.1)
      System.Text.Encodings.Web (>= 4.7.2)
      System.Text.Json (>= 4.7.2)
    OpenTelemetry.Exporter.OpenTelemetryProtocol (1.5.0-rc.1)
      Google.Protobuf (>= 3.19.4 < 4.0)
      Grpc.Net.Client (>= 2.43 < 3.0)
      OpenTelemetry (>= 1.5.0-rc.1)
    OpenTelemetry.Extensions.Hosting (1.5.0-rc.1)
      Microsoft.Extensions.Hosting.Abstractions (>= 2.1)
      OpenTelemetry (>= 1.5.0-rc.1)
    OpenTelemetry.Instrumentation.AspNetCore (1.0.0-rc9.14)
      OpenTelemetry (>= 1.4)
    OpenTelemetry.Instrumentation.Http (1.0.0-rc9.14)
      OpenTelemetry (>= 1.4)
    Ply (0.3.1)
      FSharp.Core (>= 4.6.2)
      System.Threading.Tasks.Extensions (>= 4.5.4)
    PusherServer (5.0)
      NaCl.Net (>= 0.1.13)
      Newtonsoft.Json (>= 13.0.2)
    Rollbar (5.2)
      Newtonsoft.Json (>= 13.0.1)
    Rollbar.AppSettings.Json (5.2)
      Microsoft.Extensions.Configuration (>= 2.2)
      Microsoft.Extensions.Configuration.Binder (>= 2.2.4)
      Microsoft.Extensions.Configuration.Json (>= 2.2)
      Microsoft.Extensions.Logging (>= 2.2)
      Rollbar (>= 5.2)
    Rollbar.NetCore.AspNet (5.2)
      Rollbar (>= 5.2)
      Rollbar.AppSettings.Json (>= 5.2)
      Rollbar.NetPlatformExtensions (>= 5.2)
    Rollbar.NetPlatformExtensions (5.2)
      Microsoft.Extensions.Logging (>= 3.1.3)
      Microsoft.Extensions.Logging.Abstractions (>= 3.1.3)
      Rollbar (>= 5.2)
      Rollbar.AppSettings.Json (>= 5.2)
      System.IO.Pipelines (>= 5.0.1)
    SimpleBase (4.0)
      System.Memory (>= 4.5.5)
    Sodium.Core (1.3.3)
      libsodium (>= 1.0.18.4)
    System.Buffers (4.5.1)
    System.Collections.Immutable (7.0)
    System.Diagnostics.DiagnosticSource (7.0.2)
    System.IO.Hashing (7.0)
    System.IO.Pipelines (7.0)
    System.Memory (4.5.5)
    System.Reflection.Emit (4.7)
    System.Reflection.Emit.Lightweight (4.7)
    System.Reflection.Metadata (7.0)
      System.Collections.Immutable (>= 7.0)
    System.Runtime.CompilerServices.Unsafe (6.0)
    System.Text.Encodings.Web (7.0)
    System.Text.Json (7.0.2)
      System.Text.Encodings.Web (>= 7.0)
    System.Threading.Tasks.Extensions (4.5.4)
